GEM
  remote: https://rubygems.org/
  specs:
    bcp47 (0.3.3)
      i18n
    concurrent-ruby (1.0.5)
    daemons (1.2.6)
    date_time_precision (0.8.1)
    eventmachine (1.2.7)
    ffi (1.9.25)
    fhir_models (3.0.3)
      bcp47 (>= 0.3)
      date_time_precision (>= 0.8)
      mime-types (>= 1.16, < 3)
      nokogiri (>= 1.8.2)
    i18n (1.0.1)
      concurrent-ruby (~> 1.0)
    listen (3.1.5)
      rb-fsevent (~> 0.9, >= 0.9.4)
      rb-inotify (~> 0.9, >= 0.9.7)
      ruby_dep (~> 1.2)
    mime-types (2.99.3)
    mini_portile2 (2.3.0)
    minitest (5.11.3)
    minitest-emoji (2.0.0)
    mustermann (1.0.2)
    nokogiri (1.8.3)
      mini_portile2 (~> 2.3.0)
    pg (1.0.0)
    rack (2.0.5)
    rack-protection (2.0.3)
      rack
    rake (12.3.1)
    rb-fsevent (0.10.3)
    rb-inotify (0.9.10)
      ffi (>= 0.5.0, < 2)
    rerun (0.13.0)
      listen (~> 3.0)
    ruby_dep (1.5.0)
    sequel (5.9.0)
    sinatra (2.0.3)
      mustermann (~> 1.0)
      rack (~> 2.0)
      rack-protection (= 2.0.3)
      tilt (~> 2.0)
    sinatra-cross_origin (0.4.0)
    thin (1.7.2)
      daemons (~> 1.0, >= 1.0.9)
      eventmachine (~> 1.0, >= 1.0.4)
      rack (>= 1, < 3)
    tilt (2.0.8)

PLATFORMS
  ruby

DEPENDENCIES
  fhir_models
  minitest
  minitest-emoji
  pg
  rake
  rerun
  sequel
  sinatra
  sinatra-cross_origin
  thin

BUNDLED WITH
   1.16.2
